GEM
  remote: https://rubygems.org/
  specs:
    actioncable (7.2.1)
      actionpack (= 7.2.1)
      activesupport (= 7.2.1)
      nio4r (~> 2.0)
      websocket-driver (>= 0.6.1)
      zeitwerk (~> 2.6)
    actionmailbox (7.2.1)
      actionpack (= 7.2.1)
      activejob (= 7.2.1)
      activerecord (= 7.2.1)
      activestorage (= 7.2.1)
      activesupport (= 7.2.1)
      mail (>= 2.8.0)
    actionmailer (7.2.1)
      actionpack (= 7.2.1)
      actionview (= 7.2.1)
      activejob (= 7.2.1)
      activesupport (= 7.2.1)
      mail (>= 2.8.0)
      rails-dom-testing (~> 2.2)
    actionpack (7.2.1)
      actionview (= 7.2.1)
      activesupport (= 7.2.1)
      nokogiri (>= 1.8.5)
      racc
      rack (>= 2.2.4, < 3.2)
      rack-session (>= 1.0.1)
      rack-test (>= 0.6.3)
      rails-dom-testing (~> 2.2)
      rails-html-sanitizer (~> 1.6)
      useragent (~> 0.16)
    actiontext (7.2.1)
      actionpack (= 7.2.1)
      activerecord (= 7.2.1)
      activestorage (= 7.2.1)
      activesupport (= 7.2.1)
      globalid (>= 0.6.0)
      nokogiri (>= 1.8.5)
    actionview (7.2.1)
      activesupport (= 7.2.1)
      builder (~> 3.1)
      erubi (~> 1.11)
      rails-dom-testing (~> 2.2)
      rails-html-sanitizer (~> 1.6)
    activejob (7.2.1)
      activesupport (= 7.2.1)
      globalid (>= 0.3.6)
    activemodel (7.2.1)
      activesupport (= 7.2.1)
    activerecord (7.2.1)
      activemodel (= 7.2.1)
      activesupport (= 7.2.1)
      timeout (>= 0.4.0)
    activestorage (7.2.1)
      actionpack (= 7.2.1)
      activejob (= 7.2.1)
      activerecord (= 7.2.1)
      activesupport (= 7.2.1)
      marcel (~> 1.0)
    activesupport (7.2.1)
      base64
      bigdecimal
      concurrent-ruby (~> 1.0, >= 1.3.1)
      connection_pool (>= 2.2.5)
      drb
      i18n (>= 1.6, < 2)
      logger (>= 1.4.2)
      minitest (>= 5.1)
      securerandom (>= 0.3)
      tzinfo (~> 2.0, >= 2.0.5)
    addressable (2.8.6)
      public_suffix (>= 2.0.2, < 6.0)
    annotaterb (4.11.0)
    base64 (0.2.0)
    bcrypt (3.1.20)
    bigdecimal (3.1.8)
    bindex (0.8.1)
    bootsnap (1.17.0)
      msgpack (~> 1.2)
    builder (3.2.4)
    byebug (11.1.3)
    capybara (3.39.2)
      addressable
      matrix
      mini_mime (>= 0.1.3)
      nokogiri (~> 1.8)
      rack (>= 1.6.0)
      rack-test (>= 0.6.3)
      regexp_parser (>= 1.5, < 3.0)
      xpath (~> 3.2)
    coderay (1.1.3)
    concurrent-ruby (1.3.4)
    connection_pool (2.4.1)
    crass (1.0.6)
    date (3.3.4)
    debug (1.9.1)
      irb (~> 1.10)
      reline (>= 0.3.8)
    devise (4.9.3)
      bcrypt (~> 3.0)
      orm_adapter (~> 0.1)
      railties (>= 4.1.0)
      responders
      warden (~> 1.2.3)
    diff-lcs (1.5.1)
    dockerfile-rails (1.6.3)
      rails (>= 3.0.0)
    drb (2.2.1)
    erubi (1.12.0)
    factory_bot (6.4.6)
      activesupport (>= 5.0.0)
    factory_bot_rails (6.4.3)
      factory_bot (~> 6.4)
      railties (>= 5.0.0)
    ffi (1.16.3)
    formatador (1.1.0)
    globalid (1.2.1)
      activesupport (>= 6.1)
    google-protobuf (3.25.2)
    guard (2.18.1)
      formatador (>= 0.2.4)
      listen (>= 2.7, < 4.0)
      lumberjack (>= 1.0.12, < 2.0)
      nenv (~> 0.1)
      notiffany (~> 0.0)
      pry (>= 0.13.0)
      shellany (~> 0.0)
      thor (>= 0.18.1)
    guard-compat (1.2.1)
    guard-rspec (4.7.3)
      guard (~> 2.1)
      guard-compat (~> 1.1)
      rspec (>= 2.99.0, < 4.0)
    i18n (1.14.1)
      concurrent-ruby (~> 1.0)
    importmap-rails (2.0.1)
      actionpack (>= 6.0.0)
      activesupport (>= 6.0.0)
      railties (>= 6.0.0)
    io-console (0.7.1)
    irb (1.14.0)
      rdoc (>= 4.0.0)
      reline (>= 0.4.2)
    jbuilder (2.11.5)
      actionview (>= 5.0.0)
      activesupport (>= 5.0.0)
    json (2.7.2)
    launchy (2.5.2)
      addressable (~> 2.8)
    letter_opener (1.8.1)
      launchy (>= 2.2, < 3)
    listen (3.8.0)
      rb-fsevent (~> 0.10, >= 0.10.3)
      rb-inotify (~> 0.9, >= 0.9.10)
    logger (1.6.1)
    loofah (2.22.0)
      crass (~> 1.0.2)
      nokogiri (>= 1.12.0)
    lumberjack (1.2.10)
    mail (2.8.1)
      mini_mime (>= 0.1.1)
      net-imap
      net-pop
      net-smtp
    marcel (1.0.4)
    matrix (0.4.2)
    method_source (1.0.0)
    mini_mime (1.1.5)
    minitest (5.20.0)
    msgpack (1.7.2)
    nenv (0.3.0)
    net-imap (0.4.9.1)
      date
      net-protocol
    net-pop (0.1.2)
      net-protocol
    net-protocol (0.2.2)
      timeout
    net-smtp (0.4.0.1)
      net-protocol
    nio4r (2.7.0)
    nokogiri (1.16.0-aarch64-linux)
      racc (~> 1.4)
    nokogiri (1.16.0-arm64-darwin)
      racc (~> 1.4)
    nokogiri (1.16.0-x86_64-darwin)
      racc (~> 1.4)
    nokogiri (1.16.0-x86_64-linux)
      racc (~> 1.4)
    notiffany (0.1.3)
      nenv (~> 0.1)
      shellany (~> 0.0)
    orm_adapter (0.5.0)
    pg (1.5.4)
    postmark (1.25.1)
      json
    postmark-rails (0.22.1)
      actionmailer (>= 3.0.0)
      postmark (>= 1.21.3, < 2.0)
    pry (0.14.2)
      coderay (~> 1.1)
      method_source (~> 1.0)
    pry-byebug (3.10.1)
      byebug (~> 11.0)
      pry (>= 0.13, < 0.15)
    psych (5.1.2)
      stringio
    public_suffix (5.0.4)
    puma (5.6.8)
      nio4r (~> 2.0)
    racc (1.7.3)
    rack (2.2.8)
    rack-session (1.0.2)
      rack (< 3)
    rack-test (2.1.0)
      rack (>= 1.3)
    rackup (1.0.0)
      rack (< 3)
      webrick
    rails (7.2.1)
      actioncable (= 7.2.1)
      actionmailbox (= 7.2.1)
      actionmailer (= 7.2.1)
      actionpack (= 7.2.1)
      actiontext (= 7.2.1)
      actionview (= 7.2.1)
      activejob (= 7.2.1)
      activemodel (= 7.2.1)
      activerecord (= 7.2.1)
      activestorage (= 7.2.1)
      activesupport (= 7.2.1)
      bundler (>= 1.15.0)
      railties (= 7.2.1)
    rails-controller-testing (1.0.5)
      actionpack (>= 5.0.1.rc1)
      actionview (>= 5.0.1.rc1)
      activesupport (>= 5.0.1.rc1)
    rails-dom-testing (2.2.0)
      activesupport (>= 5.0.0)
      minitest
      nokogiri (>= 1.6)
    rails-html-sanitizer (1.6.0)
      loofah (~> 2.21)
      nokogiri (~> 1.14)
    railties (7.2.1)
      actionpack (= 7.2.1)
      activesupport (= 7.2.1)
      irb (~> 1.13)
      rackup (>= 1.0.0)
      rake (>= 12.2)
      thor (~> 1.0, >= 1.2.2)
      zeitwerk (~> 2.6)
    rake (13.1.0)
    rb-fsevent (0.11.2)
    rb-inotify (0.10.1)
      ffi (~> 1.0)
    rdoc (6.6.2)
      psych (>= 4.0.0)
    redis-client (0.19.1)
      connection_pool
    regexp_parser (2.9.0)
    reline (0.4.2)
      io-console (~> 0.5)
    responders (3.1.1)
      actionpack (>= 5.2)
      railties (>= 5.2)
    rexml (3.2.6)
    rspec (3.13.0)
      rspec-core (~> 3.13.0)
      rspec-expectations (~> 3.13.0)
      rspec-mocks (~> 3.13.0)
    rspec-core (3.13.0)
      rspec-support (~> 3.13.0)
    rspec-expectations (3.13.0)
      diff-lcs (>= 1.2.0, < 2.0)
      rspec-support (~> 3.13.0)
    rspec-mocks (3.13.0)
      diff-lcs (>= 1.2.0, < 2.0)
      rspec-support (~> 3.13.0)
    rspec-rails (6.1.1)
      actionpack (>= 6.1)
      activesupport (>= 6.1)
      railties (>= 6.1)
      rspec-core (~> 3.12)
      rspec-expectations (~> 3.12)
      rspec-mocks (~> 3.12)
      rspec-support (~> 3.12)
    rspec-support (3.13.0)
    rubyzip (2.3.2)
    sass-embedded (1.70.0-aarch64-linux-gnu)
      google-protobuf (~> 3.25)
    sass-embedded (1.70.0-arm64-darwin)
      google-protobuf (~> 3.25)
    sass-embedded (1.70.0-x86_64-darwin)
      google-protobuf (~> 3.25)
    sass-embedded (1.70.0-x86_64-linux)
      google-protobuf (~> 3.25)
    securerandom (0.3.1)
    selenium-devtools (0.121.0)
      selenium-webdriver (~> 4.2)
    selenium-webdriver (4.16.0)
      rexml (~> 3.2, >= 3.2.5)
      rubyzip (>= 1.2.2, < 3.0)
      websocket (~> 1.0)
    shellany (0.0.1)
    sidekiq (7.2.1)
      concurrent-ruby (< 2)
      connection_pool (>= 2.3.0)
      rack (>= 2.2.4)
      redis-client (>= 0.19.0)
    sprockets (4.2.1)
      concurrent-ruby (~> 1.0)
      rack (>= 2.2.4, < 4)
    sprockets-rails (3.4.2)
      actionpack (>= 5.2)
      activesupport (>= 5.2)
      sprockets (>= 3.0.0)
    stimulus-rails (1.3.3)
      railties (>= 6.0.0)
    stringio (3.1.0)
    tailwindcss-rails (2.3.0-aarch64-linux)
      railties (>= 6.0.0)
    tailwindcss-rails (2.3.0-arm64-darwin)
      railties (>= 6.0.0)
    tailwindcss-rails (2.3.0-x86_64-darwin)
      railties (>= 6.0.0)
    tailwindcss-rails (2.3.0-x86_64-linux)
      railties (>= 6.0.0)
    thor (1.3.0)
    timeout (0.4.1)
    turbo-rails (1.5.0)
      actionpack (>= 6.0.0)
      activejob (>= 6.0.0)
      railties (>= 6.0.0)
    tzinfo (2.0.6)
      concurrent-ruby (~> 1.0)
    useragent (0.16.10)
    warden (1.2.9)
      rack (>= 2.0.9)
    web-console (4.2.1)
      actionview (>= 6.0.0)
      activemodel (>= 6.0.0)
      bindex (>= 0.4.0)
      railties (>= 6.0.0)
    webrick (1.8.1)
    websocket (1.2.10)
    websocket-driver (0.7.6)
      websocket-extensions (>= 0.1.0)
    websocket-extensions (0.1.5)
    xpath (3.2.0)
      nokogiri (~> 1.8)
    zeitwerk (2.6.12)

PLATFORMS
  aarch64-linux
  arm64-darwin-23
  x86_64-darwin-22
  x86_64-linux

DEPENDENCIES
  annotaterb (~> 4.11)
  bootsnap
  byebug (~> 11.1)
  capybara
  debug
  devise (~> 4.9)
  dockerfile-rails (>= 1.6)
  factory_bot_rails (~> 6.4)
  guard (~> 2.18)
  guard-rspec (~> 4.7)
  importmap-rails
  jbuilder
  letter_opener (~> 1.8)
  pg (~> 1.1)
  postmark-rails
  pry-byebug (~> 3.10)
  puma (~> 5.0)
  rails (~> 7.2.0)
  rails-controller-testing (~> 1.0)
  rspec-rails (~> 6.1)
  sass-embedded (~> 1.70)
  selenium-devtools (~> 0.121.0)
  selenium-webdriver
  sidekiq (~> 7.2)
  sprockets-rails
  stimulus-rails
  tailwindcss-rails (~> 2.3)
  turbo-rails
  tzinfo-data
  web-console

RUBY VERSION
   ruby 3.3.0p0

BUNDLED WITH
   2.5.6
